GEM
  remote: https://rubygems.org/
  specs:
    coderay (1.1.3)
    cosine-similarity (1.0.0)
    csv (3.2.6)
    dotenv (2.8.1)
    faraday (2.7.4)
      faraday-net_http (>= 2.0, < 3.1)
      ruby2_keywords (>= 0.0.4)
    faraday-follow_redirects (0.3.0)
      faraday (>= 1, < 3)
    faraday-multipart (1.0.4)
      multipart-post (~> 2)
    faraday-net_http (3.0.2)
    hashie (5.0.0)
    httparty (0.21.0)
      mini_mime (>= 1.0.0)
      multi_xml (>= 0.5.2)
    jwt (2.7.0)
    method_source (1.0.0)
    mini_mime (1.1.2)
    multi_xml (0.6.0)
    multipart-post (2.3.0)
    nokogiri (1.14.2-arm64-darwin)
      racc (~> 1.4)
    pry (0.14.2)
      coderay (~> 1.1)
      method_source (~> 1.0)
    racc (1.6.2)
    regexp_parser (2.7.0)
    restforce (6.2.1)
      faraday (>= 1.1.0, < 2.8.0)
      faraday-follow_redirects (<= 0.3.0, < 1.0.0)
      faraday-multipart (>= 1.0.0, < 2.0.0)
      faraday-net_http (< 4.0.0)
      hashie (>= 1.2.0, < 6.0)
      jwt (>= 1.5.6)
    rexml (3.2.5)
    ruby-openai (3.3.0)
      httparty (>= 0.18.1)
    ruby2_keywords (0.0.5)
    rubyzip (2.3.2)
    selenium-webdriver (4.8.1)
      rexml (~> 3.2, >= 3.2.5)
      rubyzip (>= 1.2.2, < 3.0)
      websocket (~> 1.0)
    watir (7.2.2)
      regexp_parser (>= 1.2, < 3)
      selenium-webdriver (~> 4.2)
    webdrivers (5.2.0)
      nokogiri (~> 1.6)
      rubyzip (>= 1.3.0)
      selenium-webdriver (~> 4.0)
    websocket (1.2.9)

PLATFORMS
  arm64-darwin-21

DEPENDENCIES
  cosine-similarity
  csv
  dotenv
  nokogiri
  pry
  restforce
  ruby-openai
  watir
  webdrivers

BUNDLED WITH
   2.3.11
